NUGET
  remote: https://api.nuget.org/v3/index.json
    FSharp.Compiler.Service (38.0) - restriction: >= netstandard2.0
      FSharp.Core (5.0) - restriction: >= netstandard2.0
    FSharp.Core (5.0)
    FSharp.Formatting (7.2.9)
      FSharp.Compiler.Service (>= 36.0.3) - restriction: >= netstandard2.0
    FsLexYacc (10.0)
      FSharp.Core (>= 4.3.4)
      FsLexYacc.Runtime (>= 10.0 < 10.1)
    FsLexYacc.Runtime (10.0)
      FSharp.Core (>= 4.3.4)
